PATH
  remote: .
  specs:
    specificator (0.3.3)

GEM
  remote: https://rubygems.org/
  specs:
    rake (13.0.1)

PLATFORMS
  ruby

DEPENDENCIES
  bundler (~> 2.0)
  rake (~> 13.0)
  specificator!

BUNDLED WITH
   2.0.1
